GEM
  remote: http://ruby.taobao.org/
  remote: http://rubygems.org/
  remote: http://gems.github.com/
  specs:
    activesupport (3.2.8)
      i18n (~> 0.6)
      multi_json (~> 1.0)
    eventmachine (1.0.0)
    git (1.2.5)
    i18n (0.6.1)
    jeweler (1.8.4)
      bundler (~> 1.0)
      git (>= 1.2.5)
      rake
      rdoc
    json (1.7.5)
    multi_json (1.3.6)
    rack (1.4.1)
    rack-protection (1.2.0)
      rack
    rake (0.9.2.2)
    rdoc (3.12)
      json (~> 1.4)
    rufus-scheduler (2.0.17)
      tzinfo (>= 0.3.23)
    sequel (3.39.0)
    shoulda (3.1.1)
      shoulda-context (~> 1.0)
      shoulda-matchers (~> 1.2)
    shoulda-context (1.0.0)
    shoulda-matchers (1.2.0)
      activesupport (>= 3.0.0)
    sinatra (1.3.3)
      rack (~> 1.3, >= 1.3.6)
      rack-protection (~> 1.2)
      tilt (~> 1.3, >= 1.3.3)
    sqlite3 (1.3.6)
    tilt (1.3.3)
    tzinfo (0.3.33)

PLATFORMS
  ruby

DEPENDENCIES
  activesupport (>= 3.2.8)
  bundler (~> 1.2.0)
  eventmachine
  jeweler (~> 1.8.4)
  rdoc (~> 3.12)
  rufus-scheduler
  sequel
  shoulda
  sinatra
  sqlite3
